GEM
  remote: https://rubygems.org/
  specs:
    aws-sdk (2.2.12)
      aws-sdk-resources (= 2.2.12)
    aws-sdk-core (2.2.12)
      jmespath (~> 1.0)
    aws-sdk-resources (2.2.12)
      aws-sdk-core (= 2.2.12)
    jmespath (1.1.3)

PLATFORMS
  ruby

DEPENDENCIES
  aws-sdk (~> 2)
